PATH
  remote: .
  specs:
    Chessington (0.1.0)

GEM
  remote: https://rubygems.org/
  specs:
    array_include_methods (1.4.0)
    ast (2.4.2)
    atk (3.4.9)
      glib2 (= 3.4.9)
    cairo (1.17.7)
      native-package-installer (>= 1.0.3)
      pkg-config (>= 1.2.2)
      red-colors
    cairo-gobject (3.4.9)
      cairo (>= 1.16.2)
      glib2 (= 3.4.9)
    facets (3.1.0)
    gdk3 (3.4.9)
      cairo-gobject (= 3.4.9)
      gdk_pixbuf2 (= 3.4.9)
      pango (= 3.4.9)
    gdk_pixbuf2 (3.4.9)
      gio2 (= 3.4.9)
    gio2 (3.4.9)
      gobject-introspection (= 3.4.9)
    glib2 (3.4.9)
      native-package-installer (>= 1.0.3)
      pkg-config (>= 1.3.5)
    glimmer (2.6.0)
      array_include_methods (~> 1.4.0)
      facets (>= 3.1.0, < 4.0.0)
    glimmer-dsl-gtk (0.0.9)
      glimmer (~> 2.6.0)
      gtk3 (~> 3.4.9)
      os (>= 1.0.0, < 2.0.0)
    gobject-introspection (3.4.9)
      glib2 (= 3.4.9)
    gtk3 (3.4.9)
      atk (= 3.4.9)
      gdk3 (= 3.4.9)
      gdk_pixbuf2 (= 3.4.9)
      gio2 (= 3.4.9)
      pango (= 3.4.9)
    json (2.6.2)
    matrix (0.4.2)
    minitest (5.16.3)
    native-package-installer (1.1.5)
    os (1.1.4)
    pango (3.4.9)
      cairo-gobject (= 3.4.9)
      gobject-introspection (= 3.4.9)
    parallel (1.22.1)
    parser (3.1.2.1)
      ast (~> 2.4.1)
    pkg-config (1.4.9)
    rainbow (3.1.1)
    rake (13.0.6)
    red-colors (0.3.0)
      matrix
    regexp_parser (2.5.0)
    rexml (3.2.5)
    rubocop (1.35.0)
      json (~> 2.3)
      parallel (~> 1.10)
      parser (>= 3.1.2.1)
      rainbow (>= 2.2.2, < 4.0)
      regexp_parser (>= 1.8, < 3.0)
      rexml (>= 3.2.5, < 4.0)
      rubocop-ast (>= 1.20.1, < 2.0)
      ruby-progressbar (~> 1.7)
      unicode-display_width (>= 1.4.0, < 3.0)
    rubocop-ast (1.21.0)
      parser (>= 3.1.1.0)
    rubocop-performance (1.14.3)
      rubocop (>= 1.7.0, < 2.0)
      rubocop-ast (>= 0.4.0)
    ruby-progressbar (1.11.0)
    standard (1.16.0)
      rubocop (= 1.35.0)
      rubocop-performance (= 1.14.3)
    unicode-display_width (2.2.0)

PLATFORMS
  x64-mingw-ucrt
  x86_64-linux

DEPENDENCIES
  Chessington!
  glimmer-dsl-gtk (~> 0.0.9)
  minitest (~> 5.0)
  rake (~> 13.0)
  standard (~> 1.3)

BUNDLED WITH
   2.3.7
